GEM
  remote: http://rubygems.org/
  specs:
    builder (3.0.0)
    rack (1.6.12)
    rack-protection (1.5.5)
      rack
    sinatra (1.3.2)
      rack (~> 1.3, >= 1.3.6)
      rack-protection (~> 1.2)
      tilt (~> 1.3, >= 1.3.3)
    sinatra-twilio (1.0.0)
      sinatra
      twiliolib
    tilt (1.3.3)
    twiliolib (2.0.7)
      builder (>= 2.1.2)

PLATFORMS
  ruby

DEPENDENCIES
  sinatra
  sinatra-twilio
