GEM
  remote: http://rubygems.org/
  specs:
    builder (3.0.0)
    mustermann (2.0.2)
      ruby2_keywords (~> 0.0.1)
    rack (2.2.6.2)
    rack-protection (2.2.3)
      rack
    ruby2_keywords (0.0.5)
    sinatra (2.2.3)
      mustermann (~> 2.0)
      rack (~> 2.2)
      rack-protection (= 2.2.3)
      tilt (~> 2.0)
    sinatra-twilio (1.0.0)
      sinatra
      twiliolib
    tilt (2.0.11)
    twiliolib (2.0.7)
      builder (>= 2.1.2)

PLATFORMS
  ruby

DEPENDENCIES
  sinatra
  sinatra-twilio
